GEM
  specs:
    builder (3.2.2)
    jwt (0.1.11)
      multi_json (>= 1.5)
    multi_json (1.9.2)
    twilio-ruby (3.11.5)
      builder (>= 2.1.2)
      jwt (>= 0.1.2)
      multi_json (>= 1.3.0)

PLATFORMS
  ruby

DEPENDENCIES
  twilio-ruby
